PATH
  remote: .
  specs:
    mjai (0.0.7)
      bundler (= 2.1.4)
      json (= 2.5.1)
      nokogiri (= 1.11.3)
      sass (= 3.1.0)

GEM
  remote: http://rubygems.org/
  specs:
    ast (2.4.2)
    eventmachine (1.2.7)
    faye-websocket (0.11.1)
      eventmachine (>= 0.12.0)
      websocket-driver (>= 0.5.1)
    json (2.5.1)
    mini_portile2 (2.5.3)
    nio4r (2.5.7)
    nokogiri (1.11.3)
      mini_portile2 (~> 2.5.0)
      racc (~> 1.4)
    parallel (1.20.1)
    parser (3.0.2.0)
      ast (~> 2.4.1)
    power_assert (2.0.0)
    puma (5.3.2)
      nio4r (~> 2.0)
    racc (1.5.2)
    rainbow (3.0.0)
    rake (13.0.6)
    regexp_parser (2.1.1)
    rexml (3.2.5)
    rubocop (1.18.3)
      parallel (~> 1.10)
      parser (>= 3.0.0.0)
      rainbow (>= 2.2.2, < 4.0)
      regexp_parser (>= 1.8, < 3.0)
      rexml
      rubocop-ast (>= 1.7.0, < 2.0)
      ruby-progressbar (~> 1.7)
      unicode-display_width (>= 1.4.0, < 3.0)
    rubocop-ast (1.7.0)
      parser (>= 3.0.1.1)
    ruby-progressbar (1.11.0)
    sass (3.1.0)
    test-unit (3.4.4)
      power_assert
    unicode-display_width (2.0.0)
    websocket-driver (0.7.5)
      websocket-extensions (>= 0.1.0)
    websocket-extensions (0.1.5)

PLATFORMS
  ruby

DEPENDENCIES
  faye-websocket
  mjai!
  puma
  rake
  rubocop
  test-unit

BUNDLED WITH
   2.1.4
